GEM
  remote: https://rubygems.org/
  specs:
    iobuffer (1.1.2)
    rev (0.3.2)
      iobuffer (>= 0.1.3)
    thor (0.18.1)
    watchr (0.7)

PLATFORMS
  ruby

DEPENDENCIES
  rev
  thor
  watchr
