GEM
  remote: https://rubygems.org/
  specs:
    haml (4.0.5)
      tilt
    iobuffer (1.1.2)
    observr (1.0.5)
    rev (0.3.2)
      iobuffer (>= 0.1.3)
    thor (0.18.1)
    tilt (1.4.1)

PLATFORMS
  ruby

DEPENDENCIES
  haml
  observr
  rev
  thor
