GEM
  remote: https://rubygems.org/
  specs:
    coffee-script (2.2.0)
      coffee-script-source
      execjs
    coffee-script-source (1.7.0)
    execjs (2.0.2)
    haml (4.0.5)
      tilt
    iobuffer (1.1.2)
    observr (1.0.5)
    rev (0.3.2)
      iobuffer (>= 0.1.3)
    sass (3.3.4)
    thor (0.18.1)
    tilt (1.4.1)

PLATFORMS
  ruby

DEPENDENCIES
  coffee-script
  haml
  observr
  rev
  sass
  thor
